GEM
  remote: https://rubygems.org/
  specs:
    yaml (4.2.2)

PLATFORMS
  ruby

DEPENDENCIES
  yaml

BUNDLED WITH
   1.10.6
