GEM
  remote: https://rubygems.org/
  specs:
    coderay (1.1.0)
    colorize (0.7.7)
    method_source (0.8.2)
    pry (0.10.3)
      coderay (~> 1.1.0)
      method_source (~> 0.8.1)
      slop (~> 3.4)
    slop (3.6.0)
    yaml (4.2.2)

PLATFORMS
  ruby

DEPENDENCIES
  colorize
  pry
  yaml

BUNDLED WITH
   1.10.6
